GEM
  remote: https://rubygems.org/
  specs:
    argon2 (2.0.2)
      ffi (~> 1.9)
      ffi-compiler (>= 0.1)
    ast (2.4.1)
    byebug (11.1.3)
    c_lexer (2.6.4.1.1)
      ast (~> 2.4.0)
      parser (= 2.6.4.1)
    coderay (1.1.3)
    diff-lcs (1.4.4)
    execjs (2.7.0)
    ffi (1.13.1)
    ffi-compiler (1.0.1)
      ffi (>= 1.0.0)
      rake
    get_process_mem (0.2.7)
      ffi (~> 1.0)
    jaro_winkler (1.5.4)
    kgio (2.11.3)
    libv8 (8.4.255.0)
    listen (3.3.1)
      rb-fsevent (~> 0.10, >= 0.10.3)
      rb-inotify (~> 0.9, >= 0.9.10)
    message_bus (3.3.4)
      rack (>= 1.1.3)
    method_source (1.0.0)
    mini_racer (0.3.1)
      libv8 (~> 8.4.255)
    opal (1.0.3)
      ast (>= 2.3.0)
      parser (~> 2.6)
    parallel (1.20.0)
    parser (2.6.4.1)
      ast (~> 2.4.0)
    pg (1.2.3)
    pry (0.13.1)
      coderay (~> 1.1)
      method_source (~> 1.0)
    pry-byebug (3.9.0)
      byebug (~> 11.0)
      pry (~> 0.13.0)
    rack (2.2.3)
    rainbow (3.0.0)
    raindrops (0.19.1)
    rake (13.0.1)
    rb-fsevent (0.10.4)
    rb-inotify (0.10.1)
      ffi (~> 1.0)
    require_all (3.0.0)
    rerun (0.13.0)
      listen (~> 3.0)
    roda (3.37.0)
      rack
    rspec (3.10.0)
      rspec-core (~> 3.10.0)
      rspec-expectations (~> 3.10.0)
      rspec-mocks (~> 3.10.0)
    rspec-core (3.10.0)
      rspec-support (~> 3.10.0)
    rspec-expectations (3.10.0)
      diff-lcs (>= 1.2.0, < 2.0)
      rspec-support (~> 3.10.0)
    rspec-mocks (3.10.0)
      diff-lcs (>= 1.2.0, < 2.0)
      rspec-support (~> 3.10.0)
    rspec-support (3.10.0)
    rubocop (0.78.0)
      jaro_winkler (~> 1.5.1)
      parallel (~> 1.10)
      parser (>= 2.6)
      rainbow (>= 2.2.2, < 4.0)
      ruby-progressbar (~> 1.7)
      unicode-display_width (>= 1.4.0, < 1.7)
    ruby-progressbar (1.10.1)
    sequel (5.38.0)
    sequel-annotate (1.6.0)
      sequel (>= 4)
    sequel-pg_advisory_lock (0.1.2)
      sequel
    sequel_pg (1.14.0)
      pg (>= 0.18.0, != 1.2.0)
      sequel (>= 4.38.0)
    snabberb (1.2.0)
      opal (~> 1.0)
    stackprof (0.2.16)
    tilt (2.0.10)
    uglifier (4.2.0)
      execjs (>= 0.3.0, < 3)
    unicode-display_width (1.6.1)
    unicorn (5.7.0)
      kgio (~> 2.6)
      raindrops (~> 0.7)
    unicorn-worker-killer (0.4.4)
      get_process_mem (~> 0)
      unicorn (>= 4, < 6)

PLATFORMS
  ruby

DEPENDENCIES
  argon2
  c_lexer
  message_bus
  mini_racer
  opal
  pry-byebug
  rake
  require_all
  rerun
  roda
  rspec
  rubocop
  sequel
  sequel-annotate
  sequel-pg_advisory_lock
  sequel_pg
  snabberb
  stackprof
  tilt
  uglifier
  unicorn
  unicorn-worker-killer

BUNDLED WITH
   2.1.4
