GEM
  remote: https://rubygems.org/
  specs:
    argon2 (2.2.0)
      ffi (~> 1.15)
      ffi-compiler (~> 1.0)
    ast (2.4.2)
    byebug (11.1.3)
    coderay (1.1.3)
    concurrent-ruby (1.1.10)
    diff-lcs (1.5.0)
    et-orbi (1.2.7)
      tzinfo
    ffi (1.15.5)
    ffi-compiler (1.0.1)
      ffi (>= 1.0.0)
      rake
    fugit (1.5.3)
      et-orbi (~> 1, >= 1.2.7)
      raabro (~> 1.4)
    get_process_mem (0.2.7)
      ffi (~> 1.0)
    kgio (2.11.4)
    libv8-node (16.10.0.0)
    libv8-node (16.10.0.0-x86_64-linux)
    listen (3.8.0)
      rb-fsevent (~> 0.10, >= 0.10.3)
      rb-inotify (~> 0.9, >= 0.9.10)
    message_bus (4.2.0)
      rack (>= 1.1.3)
    method_source (1.0.0)
    mini_racer (0.6.2)
      libv8-node (~> 16.10.0.0)
    newrelic_rpm (8.6.0)
    opal (1.8.2)
      ast (>= 2.3.0)
      parser (~> 3.0, >= 3.0.3.2)
    parallel (1.22.1)
    parallel_tests (3.8.1)
      parallel
    parser (3.1.2.0)
      ast (~> 2.4.1)
    pg (1.3.5)
    pry (0.14.2)
      coderay (~> 1.1)
      method_source (~> 1.0)
    pry-byebug (3.10.1)
      byebug (~> 11.0)
      pry (>= 0.13, < 0.15)
    raabro (1.4.0)
    racc (1.7.3)
    rack (3.0.9.1)
    rainbow (3.1.1)
    raindrops (0.20.0)
    rake (13.0.6)
    rb-fsevent (0.11.2)
    rb-inotify (0.10.1)
      ffi (~> 1.0)
    redis (4.6.0)
    regexp_parser (2.3.0)
    require_all (3.0.0)
    rerun (0.14.0)
      listen (~> 3.0)
    rexml (3.2.8)
      strscan (>= 3.0.9)
    roda (3.55.0)
      rack
    rspec (3.11.0)
      rspec-core (~> 3.11.0)
      rspec-expectations (~> 3.11.0)
      rspec-mocks (~> 3.11.0)
    rspec-core (3.11.0)
      rspec-support (~> 3.11.0)
    rspec-expectations (3.11.0)
      diff-lcs (>= 1.2.0, < 2.0)
      rspec-support (~> 3.11.0)
    rspec-mocks (3.11.1)
      diff-lcs (>= 1.2.0, < 2.0)
      rspec-support (~> 3.11.0)
    rspec-support (3.11.0)
    rubocop (1.27.0)
      parallel (~> 1.10)
      parser (>= 3.1.0.0)
      rainbow (>= 2.2.2, < 4.0)
      regexp_parser (>= 1.8, < 3.0)
      rexml
      rubocop-ast (>= 1.16.0, < 2.0)
      ruby-progressbar (~> 1.7)
      unicode-display_width (>= 1.4.0, < 3.0)
    rubocop-ast (1.17.0)
      parser (>= 3.1.1.0)
    rubocop-performance (1.13.3)
      rubocop (>= 1.7.0, < 2.0)
      rubocop-ast (>= 0.4.0)
    ruby-progressbar (1.11.0)
    rufus-scheduler (3.8.2)
      fugit (~> 1.1, >= 1.1.6)
    sequel (5.55.0)
    sequel-annotate (1.7.0)
      sequel (>= 4)
    sequel-pg_advisory_lock (0.1.2)
      sequel
    sequel_pg (1.15.0)
      pg (>= 0.18.0, != 1.2.0)
      sequel (>= 4.38.0)
    snabberb (1.5.4)
      opal (>= 1.1)
    stackprof (0.2.19)
    strscan (3.1.0)
    tzinfo (2.0.5)
      concurrent-ruby (~> 1.0)
    unicode-display_width (2.1.0)
    unicorn (6.1.0)
      kgio (~> 2.6)
      raindrops (~> 0.7)
    unicorn-worker-killer (0.4.5)
      get_process_mem (~> 0)
      unicorn (>= 4, < 7)

PLATFORMS
  ruby
  x86_64-linux

DEPENDENCIES
  argon2
  message_bus
  mini_racer
  newrelic_rpm
  opal
  parallel_tests
  pry-byebug
  racc
  rake
  redis
  require_all
  rerun
  roda
  rspec
  rubocop
  rubocop-performance
  rufus-scheduler
  sequel
  sequel-annotate
  sequel-pg_advisory_lock
  sequel_pg
  snabberb
  stackprof
  unicorn
  unicorn-worker-killer

BUNDLED WITH
   2.4.10
